GEM
  remote: https://rubygems.org/
  specs:
    json (1.8.1)
    mime-types (2.4.3)
    netrc (0.10.2)
    rest-client (1.7.2)
      mime-types (>= 1.16, < 3.0)
      netrc (~> 0.7)
    stock_quote (1.2.1)
      json
      rest-client (~> 1.6)

PLATFORMS
  ruby

DEPENDENCIES
  stock_quote (~> 1.2.0)
